GEM
  remote: http://rubygems.org/
  specs:
    eventmachine (0.12.10)
    xmpp4r (0.5)
    xmpp4r-simple (0.8.8)
      xmpp4r (>= 0.3.2)

PLATFORMS
  ruby

DEPENDENCIES
  eventmachine
  xmpp4r-simple
